GEM
  specs:
    actionpack (4.0.2)
      activesupport (= 4.0.2)
      builder (~> 3.1.0)
      erubis (~> 2.7.0)
      rack (~> 1.5.2)
      rack-test (~> 0.6.2)
    activemodel (4.0.2)
      activesupport (= 4.0.2)
      builder (~> 3.1.0)
    activesupport (4.0.2)
      i18n (~> 0.6, >= 0.6.4)
      minitest (~> 4.2)
      multi_json (~> 1.3)
      thread_safe (~> 0.1)
      tzinfo (~> 0.3.37)
    builder (3.1.4)
    erubis (2.7.0)
    i18n (0.7.0)
    minitest (4.7.5)
    multi_json (1.11.2)
    rack (1.5.2)
    rack-test (0.6.3)
      rack (>= 1.0)
    simple_form (3.0.2)
      actionpack (~> 4.0)
      activemodel (~> 4.0)
    thread_safe (0.3.5)
    tzinfo (0.3.45)

PLATFORMS
  ruby

DEPENDENCIES
  simple_form

BUNDLED WITH
   1.10.6
